GIT
  remote: git://github.com/rack/rack.git
  revision: 37d2b2fe40667eb0a7ff89111713832be934aa9f
  specs:
    rack (1.2.1)

GIT
  remote: git://github.com/rails/arel.git
  revision: 6330a18636c7c07a5d01f294e2fa48413ddcb042
  specs:
    arel (2.0.7.beta.20110429111451)

GIT
  remote: git://github.com/rails/rails.git
  revision: 9971387a3b4ca0c03b9bd32de7dc417c5399fdd7
  specs:
    actionmailer (3.1.0.beta)
      actionpack (= 3.1.0.beta)
      mail (~> 2.3.0)
    actionpack (3.1.0.beta)
      activemodel (= 3.1.0.beta)
      activesupport (= 3.1.0.beta)
      builder (~> 3.0.0)
      erubis (~> 2.7.0)
      i18n (~> 0.6.0beta1)
      rack (~> 1.2.1)
      rack-cache (~> 1.0.0)
      rack-mount (~> 0.7.2)
      rack-test (~> 0.5.7)
      tzinfo (~> 0.3.23)
    activemodel (3.1.0.beta)
      activesupport (= 3.1.0.beta)
      bcrypt-ruby (~> 2.1.4)
      builder (~> 3.0.0)
      i18n (~> 0.6.0beta1)
    activerecord (3.1.0.beta)
      activemodel (= 3.1.0.beta)
      activesupport (= 3.1.0.beta)
      arel (~> 2.0.2)
      tzinfo (~> 0.3.23)
    activeresource (3.1.0.beta)
      activemodel (= 3.1.0.beta)
      activesupport (= 3.1.0.beta)
    activesupport (3.1.0.beta)
      multi_json (~> 1.0.0)
    rails (3.1.0.beta)
      actionmailer (= 3.1.0.beta)
      actionpack (= 3.1.0.beta)
      activerecord (= 3.1.0.beta)
      activeresource (= 3.1.0.beta)
      activesupport (= 3.1.0.beta)
      bundler (~> 1.0)
      railties (= 3.1.0.beta)
    railties (3.1.0.beta)
      actionpack (= 3.1.0.beta)
      activesupport (= 3.1.0.beta)
      rack-ssl (~> 1.3.2)
      rake (>= 0.8.7)
      thor (~> 0.14.4)

GIT
  remote: git://github.com/sstephenson/sprockets.git
  revision: ebd683ea75891a62a50c27c895e2d120c57498e6
  specs:
    sprockets (2.0.0)
      hike (~> 0.7)
      rack (~> 1.0)
      tilt (~> 1.0)

GEM
  remote: http://rubygems.org/
  specs:
    bcrypt-ruby (2.1.4)
    builder (3.0.0)
    capybara (1.0.0.beta1)
      mime-types (>= 1.16)
      nokogiri (>= 1.3.3)
      rack (>= 1.0.0)
      rack-test (>= 0.5.4)
      selenium-webdriver (>= 0.0.27)
      xpath (~> 0.1.4)
    carrierwave (0.5.3)
      activesupport (~> 3.0)
    childprocess (0.1.8)
      ffi (~> 1.0.6)
    coffee-script (2.2.0)
      coffee-script-source
      execjs
    coffee-script-source (1.0.1)
    configuration (1.2.0)
    diff-lcs (1.1.2)
    erubis (2.7.0)
    execjs (0.3.0)
      multi_json (~> 1.0)
    ffi (1.0.7)
      rake (>= 0.8.7)
    haml (3.0.25)
    haml-rails (0.3.4)
      actionpack (~> 3.0)
      activesupport (~> 3.0)
      haml (~> 3.0)
      railties (~> 3.0)
    hike (0.7.1)
    i18n (0.6.0beta1)
    json (1.5.1)
    json_pure (1.5.1)
    launchy (0.4.0)
      configuration (>= 0.0.5)
      rake (>= 0.8.1)
    mail (2.3.0)
      i18n (>= 0.4.0)
      mime-types (~> 1.16)
      treetop (~> 1.4.8)
    mime-types (1.16)
    multi_json (1.0.0)
    nokogiri (1.4.4)
    polyglot (0.3.1)
    rack-cache (1.0.1)
      rack (>= 0.4)
    rack-mount (0.7.2)
      rack (>= 1.0.0)
    rack-ssl (1.3.2)
      rack
    rack-test (0.5.7)
      rack (>= 1.0)
    rake (0.8.7)
    rspec (2.5.0)
      rspec-core (~> 2.5.0)
      rspec-expectations (~> 2.5.0)
      rspec-mocks (~> 2.5.0)
    rspec-core (2.5.1)
    rspec-expectations (2.5.0)
      diff-lcs (~> 1.1.2)
    rspec-mocks (2.5.0)
    rspec-rails (2.5.0)
      actionpack (~> 3.0)
      activesupport (~> 3.0)
      railties (~> 3.0)
      rspec (~> 2.5.0)
    rubyzip (0.9.4)
    sass (3.1.1)
    selenium-webdriver (0.2.0)
      childprocess (>= 0.1.7)
      ffi (>= 1.0.7)
      json_pure
      rubyzip
    shoulda-matchers (1.0.0.beta2)
    simple_form (1.3.1)
    sqlite3 (1.3.3)
    thor (0.14.6)
    tilt (1.3)
    treetop (1.4.9)
      polyglot (>= 0.3.1)
    tzinfo (0.3.27)
    uglifier (0.5.1)
      execjs
      json
    xpath (0.1.4)
      nokogiri (~> 1.3)

PLATFORMS
  ruby

DEPENDENCIES
  arel!
  capybara (= 1.0.0.beta1)
  carrierwave (= 0.5.3)
  coffee-script
  haml (= 3.0.25)
  haml-rails (= 0.3.4)
  launchy
  rack!
  rails!
  rspec-rails (= 2.5.0)
  sass
  shoulda-matchers (= 1.0.0.beta2)
  simple_form (= 1.3.1)
  sprockets!
  sqlite3 (= 1.3.3)
  uglifier
